GEM
  remote: https://rubygems.org/
  specs:
    chunky_png (1.3.4)
    codeclimate-test-reporter (0.4.6)
      simplecov (>= 0.7.1, < 1.0.0)
    compass (1.0.3)
      chunky_png (~> 1.2)
      compass-core (~> 1.0.2)
      compass-import-once (~> 1.0.5)
      rb-fsevent (>= 0.9.3)
      rb-inotify (>= 0.9)
      sass (>= 3.3.13, < 3.5)
    compass-core (1.0.3)
      multi_json (~> 1.0)
      sass (>= 3.3.0, < 3.5)
    compass-import-once (1.0.5)
      sass (>= 3.2, < 3.5)
    diff-lcs (1.2.5)
    docile (1.1.5)
    ffi (1.9.6)
    ffi (1.9.6-java)
    foreman (0.81.0)
      thor (~> 0.19.1)
    haml (4.0.6)
      tilt
    hike (1.2.3)
    maruku (0.7.2)
    multi_json (1.10.1)
    puma (3.4.0)
    puma (3.4.0-java)
    rack (1.5.2)
    rack-protection (1.5.3)
      rack
    rake (11.1.2)
    rb-fsevent (0.9.4)
    rb-inotify (0.9.5)
      ffi (>= 0.5.0)
    rspec (3.4.0)
      rspec-core (~> 3.4.0)
      rspec-expectations (~> 3.4.0)
      rspec-mocks (~> 3.4.0)
    rspec-core (3.4.4)
      rspec-support (~> 3.4.0)
    rspec-expectations (3.4.0)
      diff-lcs (>= 1.2.0, < 2.0)
      rspec-support (~> 3.4.0)
    rspec-mocks (3.4.1)
      diff-lcs (>= 1.2.0, < 2.0)
      rspec-support (~> 3.4.0)
    rspec-support (3.4.1)
    sass (3.4.12)
    simplecov (0.9.2)
      docile (~> 1.1.0)
      multi_json (~> 1.0)
      simplecov-html (~> 0.9.0)
    simplecov-html (0.9.0)
    sinatra (1.4.7)
      rack (~> 1.5)
      rack-protection (~> 1.4)
      tilt (>= 1.3, < 3)
    sprockets (2.12.3)
      hike (~> 1.2)
      multi_json (~> 1.0)
      rack (~> 1.0)
      tilt (~> 1.1, != 1.3.0)
    sprockets-sass (1.3.1)
      sprockets (~> 2.0)
      tilt (~> 1.1)
    susy (2.2.2)
      sass (>= 3.3.0, < 3.5)
    thor (0.19.1)
    tilt (1.4.1)

PLATFORMS
  java
  ruby

DEPENDENCIES
  codeclimate-test-reporter
  compass (~> 1.0.0)
  foreman (~> 0.81.0)
  haml (~> 4.0.0)
  maruku (~> 0.7.2)
  puma (~> 3.4.0)
  rake (~> 11.1.0)
  rspec
  sass (~> 3.4.0)
  sinatra (~> 1.4.0)
  sprockets (= 2.12.3)
  sprockets-sass (= 1.3.1)
  susy (= 2.2.2)

BUNDLED WITH
   1.11.2
